GEM
  remote: http://rubygems.org/
  specs:
    faker (1.0.1)
      i18n (~> 0.4)
    haml (3.1.2)
    highline (1.6.11)
    i18n (0.6.0)
    mime-types (1.18)
    minitest (2.11.4)
    rack (1.4.1)
    rack-protection (1.2.0)
      rack
    rake (0.9.2.2)
    rest-client (1.6.7)
      mime-types (>= 1.16)
    sequel (3.33.0)
    shotgun (0.9)
      rack (>= 1.0)
    sinatra (1.3.2)
      rack (~> 1.3, >= 1.3.6)
      rack-protection (~> 1.2)
      tilt (~> 1.3, >= 1.3.3)
    sqlite3 (1.3.5)
    tilt (1.3.3)
    yajl-ruby (1.1.0)

PLATFORMS
  ruby

DEPENDENCIES
  faker
  haml
  highline
  minitest
  rake
  rest-client
  sequel
  shotgun
  sinatra
  sqlite3
  yajl-ruby
