GEM
  remote: http://rubygems.org/
  specs:
    haml (3.1.2)
    highline (1.6.11)
    rack (1.4.1)
    rack-protection (1.2.0)
      rack
    sequel (3.33.0)
    shotgun (0.9)
      rack (>= 1.0)
    sinatra (1.3.2)
      rack (~> 1.3, >= 1.3.6)
      rack-protection (~> 1.2)
      tilt (~> 1.3, >= 1.3.3)
    sqlite3 (1.3.5)
    tilt (1.3.3)

PLATFORMS
  ruby

DEPENDENCIES
  haml
  highline
  sequel
  shotgun
  sinatra
  sqlite3
